GEM
  remote: https://rubygems.org/
  specs:
    coderay (1.1.0)
    holidays (7.1.0)
    method_source (0.8.2)
    mini_portile2 (2.4.0)
    nokogiri (1.10.4)
      mini_portile2 (~> 2.4.0)
    pry (0.10.3)
      coderay (~> 1.1.0)
      method_source (~> 0.8.1)
      slop (~> 3.4)
    pry-doc (0.8.0)
      pry (~> 0.9)
      yard (~> 0.8)
    slop (3.6.0)
    yard (0.8.7.6)

PLATFORMS
  ruby

DEPENDENCIES
  holidays
  method_source (>= 0.8.2)
  nokogiri
  pry
  pry-doc (>= 0.6.0)

BUNDLED WITH
   1.11.2
