GEM
  remote: https://rubygems.org/
  specs:
    coderay (1.1.3)
    holidays (8.3.0)
    method_source (1.0.0)
    mini_portile2 (2.8.0)
    nokogiri (1.13.6)
      mini_portile2 (~> 2.8.0)
      racc (~> 1.4)
    pry (0.13.1)
      coderay (~> 1.1)
      method_source (~> 1.0)
    pry-doc (1.1.0)
      pry (~> 0.11)
      yard (~> 0.9.11)
    racc (1.6.0)
    yard (0.9.25)

PLATFORMS
  ruby

DEPENDENCIES
  holidays
  method_source (>= 0.8.2)
  nokogiri
  pry
  pry-doc (>= 0.6.0)

BUNDLED WITH
   2.1.4
